GEM
  remote: https://rubygems.org/
  specs:
    coderay (1.1.2)
    faraday (0.13.1)
      multipart-post (>= 1.2, < 3)
    faraday_middleware (0.12.2)
      faraday (>= 0.7.4, < 1.0)
    method_source (0.8.2)
    multipart-post (2.0.0)
    pry (0.11.0)
      coderay (~> 1.1.0)
      method_source (~> 0.8.1)
    rake (12.1.0)

PLATFORMS
  ruby

DEPENDENCIES
  faraday
  faraday_middleware (~> 0.9)
  pry
  rake

BUNDLED WITH
   1.14.6
